GEM
  remote: https://rubygems.org/
  specs:
    connection_pool (2.3.0)
    dotenv (2.8.1)
    mustermann (3.0.0)
      ruby2_keywords (~> 0.0.1)
    rack (2.2.6.3)
    rack-protection (3.0.5)
      rack
    redis (4.8.1)
    ruby2_keywords (0.0.5)
    sidekiq (6.5.8)
      connection_pool (>= 2.2.5, < 3)
      rack (~> 2.0)
      redis (>= 4.5.0, < 5)
    sinatra (3.0.5)
      mustermann (~> 3.0)
      rack (~> 2.2, >= 2.2.4)
      rack-protection (= 3.0.5)
      tilt (~> 2.0)
    tilt (2.1.0)

PLATFORMS
  ruby

DEPENDENCIES
  bundler
  dotenv
  sidekiq (~> 6.0)
  sinatra

BUNDLED WITH
   2.4.1
